PATH
  remote: .
  specs:
    deb-s3 (0.11.3)
      aws-sdk-s3 (~> 1)
      thor (~> 1.0)

GEM
  remote: https://rubygems.org/
  specs:
    aws-eventstream (1.2.0)
    aws-partitions (1.548.0)
    aws-sdk-core (3.125.3)
      aws-eventstream (~> 1, >= 1.0.2)
      aws-partitions (~> 1, >= 1.525.0)
      aws-sigv4 (~> 1.1)
      jmespath (~> 1.0)
    aws-sdk-kms (1.53.0)
      aws-sdk-core (~> 3, >= 3.125.0)
      aws-sigv4 (~> 1.1)
    aws-sdk-s3 (1.111.1)
      aws-sdk-core (~> 3, >= 3.125.0)
      aws-sdk-kms (~> 1)
      aws-sigv4 (~> 1.4)
    aws-sigv4 (1.4.0)
      aws-eventstream (~> 1, >= 1.0.2)
    jmespath (1.5.0)
    minitest (5.14.4)
    rake (13.0.3)
    thor (1.2.1)

PLATFORMS
  ruby

DEPENDENCIES
  deb-s3!
  minitest (~> 5)
  rake (>= 12.3.3)

BUNDLED WITH
   2.2.30
